GEM
  remote: http://rubygems.org/
  specs:
    diff-lcs (1.1.2)
    fastercsv (1.5.3)
    json (1.4.6)
    mime-types (1.16)
    nokogiri (1.4.4)
    rake (0.8.7)
    rspec (2.0.1)
      rspec-core (~> 2.0.1)
      rspec-expectations (~> 2.0.1)
      rspec-mocks (~> 2.0.1)
    rspec-core (2.0.1)
    rspec-expectations (2.0.1)
      diff-lcs (>= 1.1.2)
    rspec-mocks (2.0.1)
      rspec-core (~> 2.0.1)
      rspec-expectations (~> 2.0.1)
    ruby-ole (1.2.11.1)
    spreadsheet (0.6.5.2)
      ruby-ole (>= 1.0)
    typhoeus (0.2.4)
      mime-types
      mime-types

PLATFORMS
  ruby

DEPENDENCIES
  fastercsv
  json
  nokogiri
  rake
  rspec
  ruby-ole
  spreadsheet
  typhoeus
